GEM
  remote: http://rubygems.org/
  specs:
    curb (0.7.15)
    git (1.2.5)
    jeweler (1.6.4)
      bundler (~> 1.0)
      git (>= 1.2.5)
      rake
    json (1.6.1)
    rake (0.9.2)
    rcov (0.9.10)
    shoulda (2.11.3)

PLATFORMS
  ruby

DEPENDENCIES
  bundler (~> 1.0.0)
  curb
  jeweler (~> 1.6.4)
  json
  rake
  rcov
  shoulda
